GEM
  remote: http://rubygems.org/
  specs:
    awesome_print (0.3.2)
    bio (1.4.1)
    gsl (1.14.7)
      narray (>= 0.5.9)
    ms-core (0.0.13)
      bio (>= 1.4.1)
    ms-msrun (0.3.3)
      ms-core (>= 0.0.3)
      narray
      nokogiri
    narray (0.5.9.9)
    nokogiri (1.4.4)
    rserve-client (0.2.5)
    rserve-simpler (0.0.3)
      rserve-client (~> 0.2.5)
    yard (0.6.4)

PLATFORMS
  ruby

DEPENDENCIES
  awesome_print
  gsl
  ms-core
  ms-msrun
  narray
  rserve-client
  rserve-simpler
  yard
