GEM
  remote: http://rubygems.org/
  specs:
    constants (0.1.1)
      ruby-units (>= 1.1.3)
    molecules (0.2.0)
      constants (>= 0.1.0)
    ms-core (0.0.5)
      molecules (>= 0.2.0)
    ms-msrun (0.3.3)
      ms-core (>= 0.0.3)
      narray
      nokogiri
    narray (0.5.9.9)
    nokogiri (1.4.4)
    ruby-prof (0.9.2)
    ruby-units (1.1.5)

PLATFORMS
  ruby

DEPENDENCIES
  ms-msrun
  ruby-prof
